PATH
  remote: .
  specs:
    athan (0.4.0)
      colorize (~> 0.8.0)
      httparty (>= 0.18, < 0.22)
      xdg (~> 4.5.0)

GEM
  remote: https://rubygems.org/
  specs:
    colorize (0.8.1)
    httparty (0.21.0)
      mini_mime (>= 1.0.0)
      multi_xml (>= 0.5.2)
    mini_mime (1.1.2)
    multi_xml (0.6.0)
    xdg (4.5.0)

PLATFORMS
  ruby

DEPENDENCIES
  athan!

BUNDLED WITH
   2.2.21
